GEM
  remote: https://rubygems.org/
  specs:
    cinch (2.0.12)
    mini_portile (0.5.2)
    nokogiri (1.6.1)
      mini_portile (~> 0.5.0)
    require_all (1.3.2)
    wolfram (0.2.1)
      nokogiri (>= 1.4.3)

PLATFORMS
  ruby

DEPENDENCIES
  cinch (~> 2.0.12)
  nokogiri (~> 1.6.1)
  require_all (~> 1.3.2)
  wolfram (~> 0.2.1)
